GEM
  remote: http://rubygems.org/
  specs:
    awesome_print (0.3.1)
    file_backup (1.0.0)
    hirb (0.3.5)
    wirble (0.1.3)

PLATFORMS
  ruby

DEPENDENCIES
  awesome_print
  file_backup (= 1.0.0)
  hirb
  wirble
